PATH
  remote: .
  specs:
    webfontloader (1.6.28)

GEM
  remote: https://rubygems.org/
  specs:
    mustermann (2.0.2)
      ruby2_keywords (~> 0.0.1)
    rack (2.2.11)
    rack-protection (2.2.4)
      rack
    rake (12.3.3)
    ruby2_keywords (0.0.5)
    sinatra (2.2.4)
      mustermann (~> 2.0)
      rack (~> 2.2)
      rack-protection (= 2.2.4)
      tilt (~> 2.0)
    tilt (2.6.0)
    vegas (0.1.11)
      rack (>= 1.0.0)

PLATFORMS
  x64-mingw-ucrt

DEPENDENCIES
  rack (~> 2.2, >= 2.2.4)
  rake (~> 12.3.3)
  sinatra (~> 2.2, >= 2.2.1)
  vegas (~> 0.1.11)
  webfontloader!

BUNDLED WITH
   2.6.5
