PATH
  remote: .
  specs:
    webfontloader (1.6.28)

GEM
  remote: https://rubygems.org/
  specs:
    base64 (0.2.0)
    logger (1.6.6)
    mustermann (3.0.3)
      ruby2_keywords (~> 0.0.1)
    rack (3.1.16)
    rack-protection (4.1.1)
      base64 (>= 0.1.0)
      logger (>= 1.6.0)
      rack (>= 3.0.0, < 4)
    rack-session (2.1.1)
      base64 (>= 0.1.0)
      rack (>= 3.0.0)
    rake (12.3.3)
    ruby2_keywords (0.0.5)
    sinatra (4.1.1)
      logger (>= 1.6.0)
      mustermann (~> 3.0)
      rack (>= 3.0.0, < 4)
      rack-protection (= 4.1.1)
      rack-session (>= 2.0.0, < 3)
      tilt (~> 2.0)
    tilt (2.6.0)
    vegas (0.1.11)
      rack (>= 1.0.0)

PLATFORMS
  x64-mingw-ucrt
  x86_64-linux

DEPENDENCIES
  rack (~> 3.1, >= 2.2.4)
  rake (~> 12.3.3)
  sinatra (~> 4.1, >= 2.2.1)
  vegas (~> 0.1.11)
  webfontloader!

BUNDLED WITH
   2.6.5
